GEM
  remote: https://rubygems.org/
  specs:
    highline (2.0.1)

PLATFORMS
  ruby

DEPENDENCIES
  highline

BUNDLED WITH
   2.0.1
